PATH
  remote: .
  specs:
    cells (0.5.0)
      actionpack (~> 3.0.0.beta3)
      activesupport (~> 3.0.0.beta3)

GEM
  remote: http://rubygems.org/
  specs:
    abstract (1.0.0)
    builder (2.1.2)
    erubis (2.6.5)
      abstract (>= 1.0.0)
    i18n (0.4.0)
    rack (1.1.0)
    rack-mount (0.6.3)
    rack-test (0.5.4)
      rack (>= 1.0)
    tzinfo (0.3.22)

PATH
  remote: /Users/wycats/Code/rails
  specs:
    actionpack (3.0.0.beta3)
      activemodel (= 3.0.0.beta3)
      activesupport (= 3.0.0.beta3)
      builder (~> 2.1.2)
      erubis (~> 2.6.5)
      i18n (~> 0.4.0)
      rack (~> 1.1.0)
      rack-mount (~> 0.6.3)
      rack-test (~> 0.5.4)
      tzinfo (~> 0.3.16)
    activemodel (3.0.0.beta3)
      activesupport (= 3.0.0.beta3)
      builder (~> 2.1.2)
      i18n (~> 0.4.0)
    activesupport (3.0.0.beta3)

DEPENDENCIES
  actionpack!
  activemodel!
  activesupport!
  cells!
